{
  "aor": 0.006919487179487179,
  "aqi": 0.005474073846153846,
  "bids_meta": {
    "AcquisitionMatrixPE": 94,
    "AcquisitionNumber": 1,
    "BandwidthPerPixelPhaseEncode": 32.733,
    "BaseResolution": 94,
    "BodyPartExamined": "HEAD",
    "ConsistencyInfo": "N4_VE11A_LATEST_20140830",
    "ConversionSoftware": "dcm2niix",
    "ConversionSoftwareVersion": "v1.0.20180622 (JP2:OpenJPEG) (JP-LS:CharLS) GCC5.5.0",
    "DerivedVendorReportedEchoSpacing": 0.000650004,
    "DwellTime": 3e-06,
    "EchoTime": 0.03,
    "EchoTrainLength": 47,
    "EffectiveEchoSpacing": 0.000325002,
    "FlipAngle": 90,
    "ImageOrientationPatientDICOM": [
      0.999835,
      0.0171152,
      -0.00615511,
      -0.0176267,
      0.995239,
      -0.0958566
    ],
    "ImageType": [
      "ORIGINAL",
      "PRIMARY",
      "M",
      "ND",
      "MOSAIC"
    ],
    "InPlanePhaseEncodingDirectionDICOM": "COL",
    "Instructions": "When the MRI starts, close your eyes and relax. Part of the time you will hear spoken words and part of the time you will heae silence. Keep your eyes closed the whole time.",
    "MRAcquisitionType": "2D",
    "MagneticFieldStrength": 3,
    "Manufacturer": "Siemens",
    "ManufacturersModelName": "Skyra",
    "Modality": "MR",
    "ParallelReductionFactorInPlane": 2,
    "PartialFourier": 1,
    "PatientPosition": "HFS",
    "PercentPhaseFOV": 100,
    "PhaseEncodingDirection": "j-",
    "PhaseEncodingSteps": 94,
    "PhaseResolution": 1,
    "PixelBandwidth": 1775,
    "ProcedureStepDescription": "MRIBRNWWO",
    "PulseSequenceDetails": "%SiemensSeq%_ep2d_pace",
    "ReceiveCoilActiveElements": "HEA;HEP",
    "ReceiveCoilName": "Head_32",
    "ReconMatrixPE": 94,
    "RepetitionTime": 4,
    "SAR": 0.102446,
    "ScanOptions": "FS",
    "ScanningSequence": "EP",
    "SequenceName": "_epfid2d1_94",
    "SequenceVariant": "SK",
    "ShimSetting": [
      3745,
      1343,
      -11993,
      815,
      -1139,
      -979,
      410,
      19
    ],
    "SliceThickness": 2,
    "SliceTiming": [
      0,
      2.03,
      0.08,
      2.1125,
      0.1625,
      2.1925,
      0.2425,
      2.275,
      0.325,
      2.355,
      0.405,
      2.4375,
      0.4875,
      2.5175,
      0.5675,
      2.6,
      0.65,
      2.68,
      0.73,
      2.76,
      0.8125,
      2.8425,
      0.8925,
      2.9225,
      0.975,
      3.005,
      1.055,
      3.085,
      1.1375,
      3.1675,
      1.2175,
      3.2475,
      1.3,
      3.33,
      1.38,
      3.41,
      1.4625,
      3.4925,
      1.5425,
      3.5725,
      1.625,
      3.655,
      1.705,
      3.735,
      1.7875,
      3.8175,
      1.8675,
      3.8975,
      1.95
    ],
    "SoftwareVersions": "syngo_MR_E11",
    "SpacingBetweenSlices": 2.5,
    "TaskName": "language",
    "TotalReadoutTime": 0.0302252,
    "TxRefAmp": 342.921,
    "dataset": "ds002675",
    "modality": "bold",
    "run_id": 1,
    "subject_id": "c11",
    "task_id": "language"
  },
  "dummy_trs": 0,
  "dvars_nstd": 53.354610744210525,
  "dvars_std": 1.2444718978947367,
  "dvars_vstd": 1.0789682071052633,
  "efc": 0.6382605912545366,
  "fber": 105.2627182006836,
  "fd_mean": 0.1611508393324468,
  "fd_num": 10,
  "fd_perc": 25.641025641025642,
  "fwhm_avg": 2.9755244355651413,
  "fwhm_x": 2.775227611059019,
  "fwhm_y": 3.2761496956364056,
  "fwhm_z": 2.875196,
  "gcor": 0.00293714,
  "gsr_x": -0.03485018387436867,
  "gsr_y": 0.12736555933952332,
  "provenance": {
    "md5sum": "a43259b29b3ea99a97d4a24cb066214a",
    "settings": {
      "fd_thres": 0.2,
      "testing": false
    },
    "software": "mriqc",
    "version": "21.0.0rc2",
    "webapi_port": null,
    "webapi_url": "https://mriqc.nimh.nih.gov/api/v1"
  },
  "size_t": 39,
  "size_x": 94,
  "size_y": 94,
  "size_z": 49,
  "snr": 1.8111214632324277,
  "spacing_tr": 4.0,
  "spacing_x": 2.042553186416626,
  "spacing_y": 2.042553186416626,
  "spacing_z": 2.5,
  "summary_bg_k": 27.82677923906426,
  "summary_bg_mad": 13.837618820826075,
  "summary_bg_mean": 86.99942016601562,
  "summary_bg_median": 44.512821197509766,
  "summary_bg_n": 221953.0,
  "summary_bg_p05": 33.769229888916016,
  "summary_bg_p95": 278.7025756835936,
  "summary_bg_stdv": 113.05853271484375,
  "summary_fg_k": 2.139088274257565,
  "summary_fg_mad": 227.18028536569363,
  "summary_fg_mean": 534.0515747070312,
  "summary_fg_median": 474.3846130371094,
  "summary_fg_n": 129098.0,
  "summary_fg_p05": 232.12820434570312,
  "summary_fg_p95": 1030.1397277832027,
  "summary_fg_stdv": 261.9276428222656,
  "tsnr": 37.07147256890312
}