{
  "aor": 0.020525384615384612,
  "aqi": 0.016706681025641018,
  "bids_meta": {
    "AcquisitionMatrixPE": 94,
    "AcquisitionNumber": 1,
    "BandwidthPerPixelPhaseEncode": 32.733,
    "BaseResolution": 94,
    "BodyPartExamined": "HEAD",
    "ConsistencyInfo": "N4_VE11A_LATEST_20140830",
    "ConversionSoftware": "dcm2niix",
    "ConversionSoftwareVersion": "v1.0.20180622 (JP2:OpenJPEG) (JP-LS:CharLS) GCC5.5.0",
    "DerivedVendorReportedEchoSpacing": 0.000650004,
    "DwellTime": 3e-06,
    "EchoTime": 0.03,
    "EchoTrainLength": 47,
    "EffectiveEchoSpacing": 0.000325002,
    "FlipAngle": 90,
    "ImageOrientationPatientDICOM": [
      0.999835,
      0.0171152,
      -0.00615511,
      -0.0176267,
      0.995239,
      -0.0958566
    ],
    "ImageType": [
      "ORIGINAL",
      "PRIMARY",
      "M",
      "ND",
      "MOSAIC"
    ],
    "InPlanePhaseEncodingDirectionDICOM": "COL",
    "Instructions": "When the MRI starts, close your eyes and relax. Part of the time you will hear spoken words and part of the time you will heae silence. Keep your eyes closed the whole time.",
    "MRAcquisitionType": "2D",
    "MagneticFieldStrength": 3,
    "Manufacturer": "Siemens",
    "ManufacturersModelName": "Skyra",
    "Modality": "MR",
    "ParallelReductionFactorInPlane": 2,
    "PartialFourier": 1,
    "PatientPosition": "HFS",
    "PercentPhaseFOV": 100,
    "PhaseEncodingDirection": "j-",
    "PhaseEncodingSteps": 94,
    "PhaseResolution": 1,
    "PixelBandwidth": 1775,
    "ProcedureStepDescription": "MRIBRNWWO",
    "PulseSequenceDetails": "%SiemensSeq%_ep2d_pace",
    "ReceiveCoilActiveElements": "HEA;HEP",
    "ReceiveCoilName": "Head_32",
    "ReconMatrixPE": 94,
    "RepetitionTime": 4,
    "SAR": 0.102446,
    "ScanOptions": "FS",
    "ScanningSequence": "EP",
    "SequenceName": "_epfid2d1_94",
    "SequenceVariant": "SK",
    "ShimSetting": [
      3745,
      1343,
      -11993,
      815,
      -1139,
      -979,
      410,
      19
    ],
    "SliceThickness": 2,
    "SliceTiming": [
      0,
      2.03,
      0.08,
      2.1125,
      0.1625,
      2.1925,
      0.2425,
      2.275,
      0.325,
      2.355,
      0.405,
      2.4375,
      0.4875,
      2.5175,
      0.5675,
      2.6,
      0.65,
      2.68,
      0.73,
      2.76,
      0.8125,
      2.8425,
      0.8925,
      2.9225,
      0.975,
      3.005,
      1.055,
      3.085,
      1.1375,
      3.1675,
      1.2175,
      3.2475,
      1.3,
      3.33,
      1.38,
      3.41,
      1.4625,
      3.4925,
      1.5425,
      3.5725,
      1.625,
      3.655,
      1.705,
      3.735,
      1.7875,
      3.8175,
      1.8675,
      3.8975,
      1.95
    ],
    "SoftwareVersions": "syngo_MR_E11",
    "SpacingBetweenSlices": 2.5,
    "TaskName": "language",
    "TotalReadoutTime": 0.0302252,
    "TxRefAmp": 342.921,
    "dataset": "ds002675",
    "modality": "bold",
    "run_id": 1,
    "session_id": "followup",
    "subject_id": "p07",
    "task_id": "language"
  },
  "dummy_trs": 0,
  "dvars_nstd": 103.84669765763158,
  "dvars_std": 1.3725535852631578,
  "dvars_vstd": 1.1821142228947366,
  "efc": 0.6112270529473703,
  "fber": 136.4532012939453,
  "fd_mean": 0.6944513265164464,
  "fd_num": 25,
  "fd_perc": 64.1025641025641,
  "fwhm_avg": 2.9119914106227056,
  "fwhm_x": 2.764368652698717,
  "fwhm_y": 3.2091306329699623,
  "fwhm_z": 2.7624749461994376,
  "gcor": 0.0175688,
  "gsr_x": -0.019353555515408516,
  "gsr_y": 0.1006770208477974,
  "provenance": {
    "md5sum": "7e705878ef266d13ba3c03e1b1f745f5",
    "settings": {
      "fd_thres": 0.2,
      "testing": false
    },
    "software": "mriqc",
    "version": "21.0.0rc2",
    "webapi_port": null,
    "webapi_url": "https://mriqc.nimh.nih.gov/api/v1"
  },
  "size_t": 39,
  "size_x": 94,
  "size_y": 94,
  "size_z": 49,
  "snr": 1.8635908547009656,
  "spacing_tr": 4.0,
  "spacing_x": 2.042553186416626,
  "spacing_y": 2.042553186416626,
  "spacing_z": 2.5000009536743164,
  "summary_bg_k": 29.2922867859577,
  "summary_bg_mad": 9.123706830138877,
  "summary_bg_mean": 68.39044189453125,
  "summary_bg_median": 39.17948913574219,
  "summary_bg_n": 237469.0,
  "summary_bg_p05": 31.897436141967773,
  "summary_bg_p95": 206.27179870605408,
  "summary_bg_stdv": 79.51973724365234,
  "summary_fg_k": 3.2704581027096777,
  "summary_fg_mad": 217.14421577049094,
  "summary_fg_mean": 526.2767333984375,
  "summary_fg_median": 472.17950439453125,
  "summary_fg_n": 119114.0,
  "summary_fg_p05": 230.974365234375,
  "summary_fg_p95": 995.7525634765623,
  "summary_fg_stdv": 253.36973571777344,
  "tsnr": 19.411311141680926
}