{
  "aor": 0.005253846153846154,
  "aqi": 0.004794851538461537,
  "bids_meta": {
    "AcquisitionMatrixPE": 94,
    "AcquisitionNumber": 1,
    "BandwidthPerPixelPhaseEncode": 32.733,
    "BaseResolution": 94,
    "BodyPartExamined": "HEAD",
    "ConsistencyInfo": "N4_VD11D_LATEST_20110129",
    "ConversionSoftware": "dcm2niix",
    "ConversionSoftwareVersion": "v1.0.20180622 (JP2:OpenJPEG) (JP-LS:CharLS) GCC5.5.0",
    "DerivedVendorReportedEchoSpacing": 0.000650004,
    "DeviceSerialNumber": "45106",
    "DwellTime": 3e-06,
    "EchoTime": 0.03,
    "EchoTrainLength": 47,
    "EffectiveEchoSpacing": 0.000325002,
    "FlipAngle": 90,
    "ImageOrientationPatientDICOM": [
      0.999655,
      -0.0141734,
      -0.0221298,
      0.0205903,
      0.945685,
      0.324431
    ],
    "ImageType": [
      "ORIGINAL",
      "PRIMARY",
      "M",
      "ND",
      "MOSAIC"
    ],
    "InPlanePhaseEncodingDirectionDICOM": "COL",
    "InstitutionalDepartmentName": "Department",
    "Instructions": "When the MRI starts, close your eyes and relax. Part of the time you will hear spoken words and part of the time you will heae silence. Keep your eyes closed the whole time.",
    "MRAcquisitionType": "2D",
    "MagneticFieldStrength": 3,
    "Manufacturer": "Siemens",
    "ManufacturersModelName": "Skyra",
    "Modality": "MR",
    "ParallelReductionFactorInPlane": 2,
    "PartialFourier": 1,
    "PatientPosition": "HFS",
    "PercentPhaseFOV": 100,
    "PhaseEncodingDirection": "j-",
    "PhaseEncodingSteps": 94,
    "PhaseResolution": 1,
    "PixelBandwidth": 1775,
    "ProcedureStepDescription": "MRIBRNWO_098",
    "ProtocolName": "PASSIVE_LANGUAGE_1",
    "PulseSequenceDetails": "%SiemensSeq%_ep2d_pace",
    "ReceiveCoilActiveElements": "HEA;HEP",
    "ReceiveCoilName": "Head_32",
    "ReconMatrixPE": 94,
    "RepetitionTime": 4,
    "SAR": 0.117642,
    "ScanOptions": "FS",
    "ScanningSequence": "EP",
    "SequenceName": "_epfid2d1_94",
    "SequenceVariant": "SK",
    "SeriesDescription": "PASSIVE_LANGUAGE_1",
    "SeriesNumber": 29,
    "ShimSetting": [
      3935,
      1047,
      -11445,
      544,
      -832,
      -303,
      569,
      149
    ],
    "SliceThickness": 2,
    "SliceTiming": [
      1.99,
      0,
      2.0625,
      0.0725,
      2.1325,
      0.1425,
      2.2025,
      0.2125,
      2.275,
      0.285,
      2.345,
      0.355,
      2.4175,
      0.4275,
      2.4875,
      0.4975,
      2.5575,
      0.57,
      2.63,
      0.64,
      2.7,
      0.71,
      2.7725,
      0.7825,
      2.8425,
      0.8525,
      2.915,
      0.925,
      2.985,
      0.995,
      3.055,
      1.0675,
      3.1275,
      1.1375,
      3.1975,
      1.2075,
      3.27,
      1.28,
      3.34,
      1.35,
      3.4125,
      1.4225,
      3.4825,
      1.4925,
      3.5525,
      1.565,
      3.625,
      1.635,
      3.695,
      1.705,
      3.7675,
      1.7775,
      3.8375,
      1.8475,
      3.91,
      1.92
    ],
    "SoftwareVersions": "syngo_MR_D11",
    "SpacingBetweenSlices": 2.5,
    "StationName": "MR1L6",
    "TaskName": "language",
    "TotalReadoutTime": 0.0302252,
    "TxRefAmp": 302.799,
    "dataset": "ds002675",
    "modality": "bold",
    "run_id": 2,
    "subject_id": "c02",
    "task_id": "language"
  },
  "dummy_trs": 0,
  "dvars_nstd": 47.535985946052634,
  "dvars_std": 1.1513695178947367,
  "dvars_vstd": 1.063305892631579,
  "efc": 0.6099637219960901,
  "fber": 117.59494018554688,
  "fd_mean": 0.16174560778027022,
  "fd_num": 14,
  "fd_perc": 35.8974358974359,
  "fwhm_avg": 2.904114345232085,
  "fwhm_x": 2.7589489651852572,
  "fwhm_y": 3.2256540705109984,
  "fwhm_z": 2.72774,
  "gcor": 0.00584296,
  "gsr_x": -0.014681363478302956,
  "gsr_y": 0.09394988417625427,
  "provenance": {
    "md5sum": "87eedfaaca9fd69c78140d952ea3c11e",
    "settings": {
      "fd_thres": 0.2,
      "testing": false
    },
    "software": "mriqc",
    "version": "21.0.0rc2",
    "webapi_port": null,
    "webapi_url": "https://mriqc.nimh.nih.gov/api/v1"
  },
  "size_t": 39,
  "size_x": 94,
  "size_y": 94,
  "size_z": 56,
  "snr": 1.853169674980993,
  "spacing_tr": 4.0,
  "spacing_x": 2.042553186416626,
  "spacing_y": 2.042553186416626,
  "spacing_z": 2.5,
  "summary_bg_k": 26.435334196348858,
  "summary_bg_mad": 6.728730535212211,
  "summary_bg_mean": 63.01213455200195,
  "summary_bg_median": 36.64102554321289,
  "summary_bg_n": 279901.0,
  "summary_bg_p05": 30.846155166625977,
  "summary_bg_p95": 198.10256958007812,
  "summary_bg_stdv": 70.66742706298828,
  "summary_fg_k": 3.301335965422621,
  "summary_fg_mad": 181.37164123356595,
  "summary_fg_mean": 450.5963134765625,
  "summary_fg_median": 403.25640869140625,
  "summary_fg_n": 131812.0,
  "summary_fg_p05": 199.16795349121094,
  "summary_fg_p95": 860.6525878906249,
  "summary_fg_stdv": 217.602783203125,
  "tsnr": 35.83457494224422
}