{
  "aor": 0.014895384615384618,
  "aqi": 0.010296979743589741,
  "bids_meta": {
    "AcquisitionMatrixPE": 94,
    "AcquisitionNumber": 1,
    "BandwidthPerPixelPhaseEncode": 32.733,
    "BaseResolution": 94,
    "BodyPartExamined": "HEAD",
    "ConsistencyInfo": "N4_VE11A_LATEST_20140830",
    "ConversionSoftware": "dcm2niix",
    "ConversionSoftwareVersion": "v1.0.20180622 (JP2:OpenJPEG) (JP-LS:CharLS) GCC5.5.0",
    "DerivedVendorReportedEchoSpacing": 0.000650004,
    "DwellTime": 3e-06,
    "EchoTime": 0.03,
    "EchoTrainLength": 47,
    "EffectiveEchoSpacing": 0.000325002,
    "FlipAngle": 90,
    "ImageOrientationPatientDICOM": [
      0.999835,
      0.0171152,
      -0.00615511,
      -0.0176267,
      0.995239,
      -0.0958566
    ],
    "ImageType": [
      "ORIGINAL",
      "PRIMARY",
      "M",
      "ND",
      "MOSAIC"
    ],
    "InPlanePhaseEncodingDirectionDICOM": "COL",
    "Instructions": "When the MRI starts, close your eyes and relax. Part of the time you will hear spoken words and part of the time you will heae silence. Keep your eyes closed the whole time.",
    "MRAcquisitionType": "2D",
    "MagneticFieldStrength": 3,
    "Manufacturer": "Siemens",
    "ManufacturersModelName": "Skyra",
    "Modality": "MR",
    "ParallelReductionFactorInPlane": 2,
    "PartialFourier": 1,
    "PatientPosition": "HFS",
    "PercentPhaseFOV": 100,
    "PhaseEncodingDirection": "j-",
    "PhaseEncodingSteps": 94,
    "PhaseResolution": 1,
    "PixelBandwidth": 1775,
    "ProcedureStepDescription": "MRIBRNWWO",
    "PulseSequenceDetails": "%SiemensSeq%_ep2d_pace",
    "ReceiveCoilActiveElements": "HEA;HEP",
    "ReceiveCoilName": "Head_32",
    "ReconMatrixPE": 94,
    "RepetitionTime": 4,
    "SAR": 0.102446,
    "ScanOptions": "FS",
    "ScanningSequence": "EP",
    "SequenceName": "_epfid2d1_94",
    "SequenceVariant": "SK",
    "ShimSetting": [
      3745,
      1343,
      -11993,
      815,
      -1139,
      -979,
      410,
      19
    ],
    "SliceThickness": 2,
    "SliceTiming": [
      0,
      2.03,
      0.08,
      2.1125,
      0.1625,
      2.1925,
      0.2425,
      2.275,
      0.325,
      2.355,
      0.405,
      2.4375,
      0.4875,
      2.5175,
      0.5675,
      2.6,
      0.65,
      2.68,
      0.73,
      2.76,
      0.8125,
      2.8425,
      0.8925,
      2.9225,
      0.975,
      3.005,
      1.055,
      3.085,
      1.1375,
      3.1675,
      1.2175,
      3.2475,
      1.3,
      3.33,
      1.38,
      3.41,
      1.4625,
      3.4925,
      1.5425,
      3.5725,
      1.625,
      3.655,
      1.705,
      3.735,
      1.7875,
      3.8175,
      1.8675,
      3.8975,
      1.95
    ],
    "SoftwareVersions": "syngo_MR_E11",
    "SpacingBetweenSlices": 2.5,
    "TaskName": "language",
    "TotalReadoutTime": 0.0302252,
    "TxRefAmp": 342.921,
    "dataset": "ds002675",
    "modality": "bold",
    "run_id": 2,
    "session_id": "followup",
    "subject_id": "p01",
    "task_id": "language"
  },
  "dummy_trs": 0,
  "dvars_nstd": 69.22185887789472,
  "dvars_std": 1.3614968205263156,
  "dvars_vstd": 1.172334522368421,
  "efc": 0.630193063860408,
  "fber": 77.78653717041016,
  "fd_mean": 0.2922682012212567,
  "fd_num": 13,
  "fd_perc": 33.333333333333336,
  "fwhm_avg": 2.935026507203354,
  "fwhm_x": 2.8894180280092807,
  "fwhm_y": 3.0934665701827075,
  "fwhm_z": 2.822194923418074,
  "gcor": 0.00251303,
  "gsr_x": -0.023404402658343315,
  "gsr_y": 0.09176956862211227,
  "provenance": {
    "md5sum": "f26146dc2d8c05dd6c3e847618f26b5d",
    "settings": {
      "fd_thres": 0.2,
      "testing": false
    },
    "software": "mriqc",
    "version": "21.0.0rc2",
    "webapi_port": null,
    "webapi_url": "https://mriqc.nimh.nih.gov/api/v1"
  },
  "size_t": 39,
  "size_x": 94,
  "size_y": 94,
  "size_z": 49,
  "snr": 1.8146085816993829,
  "spacing_tr": 4.0,
  "spacing_x": 2.042553186416626,
  "spacing_y": 2.042553186416626,
  "spacing_z": 2.5000009536743164,
  "summary_bg_k": 20.352954182925565,
  "summary_bg_mad": 14.14174162774022,
  "summary_bg_mean": 76.89923858642578,
  "summary_bg_median": 45.33333206176758,
  "summary_bg_n": 237139.0,
  "summary_bg_p05": 33.82051467895508,
  "summary_bg_p95": 247.64358673095643,
  "summary_bg_stdv": 85.2889404296875,
  "summary_fg_k": 2.155497406868755,
  "summary_fg_mad": 197.60425331635457,
  "summary_fg_mean": 469.3084411621094,
  "summary_fg_median": 420.8974304199219,
  "summary_fg_n": 113446.0,
  "summary_fg_p05": 189.3333282470703,
  "summary_fg_p95": 910.7371826171875,
  "summary_fg_stdv": 231.9484100341797,
  "tsnr": 29.412814293405972
}