{
  "aor": 0.0063294871794871786,
  "aqi": 0.004407440256410257,
  "bids_meta": {
    "AcquisitionMatrixPE": 94,
    "AcquisitionNumber": 1,
    "BandwidthPerPixelPhaseEncode": 32.733,
    "BaseResolution": 94,
    "BodyPartExamined": "HEAD",
    "ConsistencyInfo": "N4_VE11A_LATEST_20140830",
    "ConversionSoftware": "dcm2niix",
    "ConversionSoftwareVersion": "v1.0.20180622 (JP2:OpenJPEG) (JP-LS:CharLS) GCC5.5.0",
    "DerivedVendorReportedEchoSpacing": 0.000650004,
    "DwellTime": 3e-06,
    "EchoTime": 0.03,
    "EchoTrainLength": 47,
    "EffectiveEchoSpacing": 0.000325002,
    "FlipAngle": 90,
    "ImageOrientationPatientDICOM": [
      0.999835,
      0.0171152,
      -0.00615511,
      -0.0176267,
      0.995239,
      -0.0958566
    ],
    "ImageType": [
      "ORIGINAL",
      "PRIMARY",
      "M",
      "ND",
      "MOSAIC"
    ],
    "InPlanePhaseEncodingDirectionDICOM": "COL",
    "Instructions": "When the MRI starts, close your eyes and relax. Part of the time you will hear spoken words and part of the time you will heae silence. Keep your eyes closed the whole time.",
    "MRAcquisitionType": "2D",
    "MagneticFieldStrength": 3,
    "Manufacturer": "Siemens",
    "ManufacturersModelName": "Skyra",
    "Modality": "MR",
    "ParallelReductionFactorInPlane": 2,
    "PartialFourier": 1,
    "PatientPosition": "HFS",
    "PercentPhaseFOV": 100,
    "PhaseEncodingDirection": "j-",
    "PhaseEncodingSteps": 94,
    "PhaseResolution": 1,
    "PixelBandwidth": 1775,
    "ProcedureStepDescription": "MRIBRNWWO",
    "PulseSequenceDetails": "%SiemensSeq%_ep2d_pace",
    "ReceiveCoilActiveElements": "HEA;HEP",
    "ReceiveCoilName": "Head_32",
    "ReconMatrixPE": 94,
    "RepetitionTime": 4,
    "SAR": 0.102446,
    "ScanOptions": "FS",
    "ScanningSequence": "EP",
    "SequenceName": "_epfid2d1_94",
    "SequenceVariant": "SK",
    "ShimSetting": [
      3745,
      1343,
      -11993,
      815,
      -1139,
      -979,
      410,
      19
    ],
    "SliceThickness": 2,
    "SliceTiming": [
      0,
      2.03,
      0.08,
      2.1125,
      0.1625,
      2.1925,
      0.2425,
      2.275,
      0.325,
      2.355,
      0.405,
      2.4375,
      0.4875,
      2.5175,
      0.5675,
      2.6,
      0.65,
      2.68,
      0.73,
      2.76,
      0.8125,
      2.8425,
      0.8925,
      2.9225,
      0.975,
      3.005,
      1.055,
      3.085,
      1.1375,
      3.1675,
      1.2175,
      3.2475,
      1.3,
      3.33,
      1.38,
      3.41,
      1.4625,
      3.4925,
      1.5425,
      3.5725,
      1.625,
      3.655,
      1.705,
      3.735,
      1.7875,
      3.8175,
      1.8675,
      3.8975,
      1.95
    ],
    "SoftwareVersions": "syngo_MR_E11",
    "SpacingBetweenSlices": 2.5,
    "TaskName": "language",
    "TotalReadoutTime": 0.0302252,
    "TxRefAmp": 342.921,
    "dataset": "ds002675",
    "modality": "bold",
    "run_id": 2,
    "session_id": "followup",
    "subject_id": "p04",
    "task_id": "language"
  },
  "dummy_trs": 0,
  "dvars_nstd": 44.18865033184211,
  "dvars_std": 1.1370429171052632,
  "dvars_vstd": 1.0682089234210523,
  "efc": 0.6251503803802646,
  "fber": 117.4930419921875,
  "fd_mean": 0.07583536475239136,
  "fd_num": 1,
  "fd_perc": 2.5641025641025643,
  "fwhm_avg": 2.921415177105901,
  "fwhm_x": 2.75683886101335,
  "fwhm_y": 3.2130424038130103,
  "fwhm_z": 2.794364266491343,
  "gcor": 0.0064632,
  "gsr_x": -0.0025849698577076197,
  "gsr_y": 0.06608779728412628,
  "provenance": {
    "md5sum": "809174d30c71ec10f5929d2d334365db",
    "settings": {
      "fd_thres": 0.2,
      "testing": false
    },
    "software": "mriqc",
    "version": "21.0.0rc2",
    "webapi_port": null,
    "webapi_url": "https://mriqc.nimh.nih.gov/api/v1"
  },
  "size_t": 39,
  "size_x": 94,
  "size_y": 94,
  "size_z": 49,
  "snr": 1.9374290778390024,
  "spacing_tr": 4.0,
  "spacing_x": 2.042553186416626,
  "spacing_y": 2.042553186416626,
  "spacing_z": 2.499999761581421,
  "summary_bg_k": 22.121504979008282,
  "summary_bg_mad": 10.264168769986581,
  "summary_bg_mean": 70.76948547363281,
  "summary_bg_median": 40.512821197509766,
  "summary_bg_n": 233207.0,
  "summary_bg_p05": 32.0,
  "summary_bg_p95": 228.53846740722656,
  "summary_bg_stdv": 80.4652328491211,
  "summary_fg_k": 1.4479707764883187,
  "summary_fg_mad": 208.28665386527285,
  "summary_fg_mean": 493.6680603027344,
  "summary_fg_median": 447.1282043457031,
  "summary_fg_n": 122817.0,
  "summary_fg_p05": 209.35897827148438,
  "summary_fg_p95": 923.0872192382811,
  "summary_fg_stdv": 230.78335571289062,
  "tsnr": 37.48998391069472
}