{
  "aor": 0.026920512820512815,
  "aqi": 0.015001268974358974,
  "bids_meta": {
    "AcquisitionMatrixPE": 94,
    "AcquisitionNumber": 1,
    "BandwidthPerPixelPhaseEncode": 32.733,
    "BaseResolution": 94,
    "BodyPartExamined": "HEAD",
    "ConsistencyInfo": "N4_VE11A_LATEST_20140830",
    "ConversionSoftware": "dcm2niix",
    "ConversionSoftwareVersion": "v1.0.20180622 (JP2:OpenJPEG) (JP-LS:CharLS) GCC5.5.0",
    "DerivedVendorReportedEchoSpacing": 0.000650004,
    "DwellTime": 3e-06,
    "EchoTime": 0.03,
    "EchoTrainLength": 47,
    "EffectiveEchoSpacing": 0.000325002,
    "FlipAngle": 90,
    "ImageOrientationPatientDICOM": [
      0.999835,
      0.0171152,
      -0.00615511,
      -0.0176267,
      0.995239,
      -0.0958566
    ],
    "ImageType": [
      "ORIGINAL",
      "PRIMARY",
      "M",
      "ND",
      "MOSAIC"
    ],
    "InPlanePhaseEncodingDirectionDICOM": "COL",
    "Instructions": "When the MRI starts, close your eyes and relax. Part of the time you will hear spoken words and part of the time you will heae silence. Keep your eyes closed the whole time.",
    "MRAcquisitionType": "2D",
    "MagneticFieldStrength": 3,
    "Manufacturer": "Siemens",
    "ManufacturersModelName": "Skyra",
    "Modality": "MR",
    "ParallelReductionFactorInPlane": 2,
    "PartialFourier": 1,
    "PatientPosition": "HFS",
    "PercentPhaseFOV": 100,
    "PhaseEncodingDirection": "j-",
    "PhaseEncodingSteps": 94,
    "PhaseResolution": 1,
    "PixelBandwidth": 1775,
    "ProcedureStepDescription": "MRIBRNWWO",
    "PulseSequenceDetails": "%SiemensSeq%_ep2d_pace",
    "ReceiveCoilActiveElements": "HEA;HEP",
    "ReceiveCoilName": "Head_32",
    "ReconMatrixPE": 94,
    "RepetitionTime": 4,
    "SAR": 0.102446,
    "ScanOptions": "FS",
    "ScanningSequence": "EP",
    "SequenceName": "_epfid2d1_94",
    "SequenceVariant": "SK",
    "ShimSetting": [
      3745,
      1343,
      -11993,
      815,
      -1139,
      -979,
      410,
      19
    ],
    "SliceThickness": 2,
    "SliceTiming": [
      0,
      2.03,
      0.08,
      2.1125,
      0.1625,
      2.1925,
      0.2425,
      2.275,
      0.325,
      2.355,
      0.405,
      2.4375,
      0.4875,
      2.5175,
      0.5675,
      2.6,
      0.65,
      2.68,
      0.73,
      2.76,
      0.8125,
      2.8425,
      0.8925,
      2.9225,
      0.975,
      3.005,
      1.055,
      3.085,
      1.1375,
      3.1675,
      1.2175,
      3.2475,
      1.3,
      3.33,
      1.38,
      3.41,
      1.4625,
      3.4925,
      1.5425,
      3.5725,
      1.625,
      3.655,
      1.705,
      3.735,
      1.7875,
      3.8175,
      1.8675,
      3.8975,
      1.95
    ],
    "SoftwareVersions": "syngo_MR_E11",
    "SpacingBetweenSlices": 2.5,
    "TaskName": "language",
    "TotalReadoutTime": 0.0302252,
    "TxRefAmp": 342.921,
    "dataset": "ds002675",
    "modality": "bold",
    "run_id": 2,
    "session_id": "followup",
    "subject_id": "p07",
    "task_id": "language"
  },
  "dummy_trs": 0,
  "dvars_nstd": 99.83063316368423,
  "dvars_std": 1.7051752571052632,
  "dvars_vstd": 1.3227181626315785,
  "efc": 0.6190487185032265,
  "fber": 139.80030822753906,
  "fd_mean": 0.28839084062856535,
  "fd_num": 17,
  "fd_perc": 43.58974358974359,
  "fwhm_avg": 2.819683485406493,
  "fwhm_x": 2.7406679234731888,
  "fwhm_y": 3.1405400077996153,
  "fwhm_z": 2.5778425249466754,
  "gcor": 0.0103545,
  "gsr_x": -0.03617965430021286,
  "gsr_y": 0.1357957124710083,
  "provenance": {
    "md5sum": "17d79d2b39302a2f7cdc6c7adb9b1e07",
    "settings": {
      "fd_thres": 0.2,
      "testing": false
    },
    "software": "mriqc",
    "version": "21.0.0rc2",
    "webapi_port": null,
    "webapi_url": "https://mriqc.nimh.nih.gov/api/v1"
  },
  "size_t": 39,
  "size_x": 94,
  "size_y": 94,
  "size_z": 49,
  "snr": 1.866424352209915,
  "spacing_tr": 4.0,
  "spacing_x": 2.042553186416626,
  "spacing_y": 2.042553186416626,
  "spacing_z": 2.5000014305114746,
  "summary_bg_k": 21.83083374850475,
  "summary_bg_mad": 9.085689358395124,
  "summary_bg_mean": 75.25055694580078,
  "summary_bg_median": 39.410255432128906,
  "summary_bg_n": 235468.0,
  "summary_bg_p05": 32.38461685180664,
  "summary_bg_p95": 248.84616088867188,
  "summary_bg_stdv": 91.38648986816406,
  "summary_fg_k": 3.4824553225542187,
  "summary_fg_mad": 222.21930505410106,
  "summary_fg_mean": 535.1332397460938,
  "summary_fg_median": 482.5513000488281,
  "summary_fg_n": 120522.0,
  "summary_fg_p05": 230.974365234375,
  "summary_fg_p95": 1011.4359130859375,
  "summary_fg_stdv": 258.5421142578125,
  "tsnr": 24.037799661280587
}