{
  "aor": 0.0036825641025641023,
  "aqi": 0.003663764615384615,
  "bids_meta": {
    "AcquisitionMatrixPE": 94,
    "AcquisitionNumber": 1,
    "BandwidthPerPixelPhaseEncode": 32.733,
    "BaseResolution": 94,
    "BodyPartExamined": "HEAD",
    "ConsistencyInfo": "N4_VD11D_LATEST_20110129",
    "ConversionSoftware": "dcm2niix",
    "ConversionSoftwareVersion": "v1.0.20180622 (JP2:OpenJPEG) (JP-LS:CharLS) GCC5.5.0",
    "DerivedVendorReportedEchoSpacing": 0.000650004,
    "DeviceSerialNumber": "45106",
    "DwellTime": 3e-06,
    "EchoTime": 0.03,
    "EchoTrainLength": 47,
    "EffectiveEchoSpacing": 0.000325002,
    "FlipAngle": 90,
    "ImageOrientationPatientDICOM": [
      0.999655,
      -0.0141734,
      -0.0221298,
      0.0205903,
      0.945685,
      0.324431
    ],
    "ImageType": [
      "ORIGINAL",
      "PRIMARY",
      "M",
      "ND",
      "MOSAIC"
    ],
    "InPlanePhaseEncodingDirectionDICOM": "COL",
    "InstitutionalDepartmentName": "Department",
    "Instructions": "When the MRI starts, close your eyes and relax. Part of the time you will hear spoken words and part of the time you will heae silence. Keep your eyes closed the whole time.",
    "MRAcquisitionType": "2D",
    "MagneticFieldStrength": 3,
    "Manufacturer": "Siemens",
    "ManufacturersModelName": "Skyra",
    "Modality": "MR",
    "ParallelReductionFactorInPlane": 2,
    "PartialFourier": 1,
    "PatientPosition": "HFS",
    "PercentPhaseFOV": 100,
    "PhaseEncodingDirection": "j-",
    "PhaseEncodingSteps": 94,
    "PhaseResolution": 1,
    "PixelBandwidth": 1775,
    "ProcedureStepDescription": "MRIBRNWO_098",
    "ProtocolName": "PASSIVE_LANGUAGE_1",
    "PulseSequenceDetails": "%SiemensSeq%_ep2d_pace",
    "ReceiveCoilActiveElements": "HEA;HEP",
    "ReceiveCoilName": "Head_32",
    "ReconMatrixPE": 94,
    "RepetitionTime": 4,
    "SAR": 0.117642,
    "ScanOptions": "FS",
    "ScanningSequence": "EP",
    "SequenceName": "_epfid2d1_94",
    "SequenceVariant": "SK",
    "SeriesDescription": "PASSIVE_LANGUAGE_1",
    "SeriesNumber": 29,
    "ShimSetting": [
      3935,
      1047,
      -11445,
      544,
      -832,
      -303,
      569,
      149
    ],
    "SliceThickness": 2,
    "SliceTiming": [
      1.99,
      0,
      2.0625,
      0.0725,
      2.1325,
      0.1425,
      2.2025,
      0.2125,
      2.275,
      0.285,
      2.345,
      0.355,
      2.4175,
      0.4275,
      2.4875,
      0.4975,
      2.5575,
      0.57,
      2.63,
      0.64,
      2.7,
      0.71,
      2.7725,
      0.7825,
      2.8425,
      0.8525,
      2.915,
      0.925,
      2.985,
      0.995,
      3.055,
      1.0675,
      3.1275,
      1.1375,
      3.1975,
      1.2075,
      3.27,
      1.28,
      3.34,
      1.35,
      3.4125,
      1.4225,
      3.4825,
      1.4925,
      3.5525,
      1.565,
      3.625,
      1.635,
      3.695,
      1.705,
      3.7675,
      1.7775,
      3.8375,
      1.8475,
      3.91,
      1.92
    ],
    "SoftwareVersions": "syngo_MR_D11",
    "SpacingBetweenSlices": 2.5,
    "StationName": "MR1L6",
    "TaskName": "language",
    "TotalReadoutTime": 0.0302252,
    "TxRefAmp": 302.799,
    "dataset": "ds002675",
    "modality": "bold",
    "run_id": 2,
    "session_id": "acute",
    "subject_id": "p02",
    "task_id": "language"
  },
  "dummy_trs": 0,
  "dvars_nstd": 53.21618511842106,
  "dvars_std": 1.1962935710526317,
  "dvars_vstd": 1.0503798571052632,
  "efc": 0.5970938248252794,
  "fber": 79.85552978515625,
  "fd_mean": 0.04141962603102055,
  "fd_num": 0,
  "fd_perc": 0.0,
  "fwhm_avg": 2.733208914360681,
  "fwhm_x": 2.2079522971501753,
  "fwhm_y": 3.395118445931868,
  "fwhm_z": 2.596556,
  "gcor": 0.00514278,
  "gsr_x": -0.05412610247731209,
  "gsr_y": 0.1550760567188263,
  "provenance": {
    "md5sum": "6fe01f1dc730ec0ed62e32974e605121",
    "settings": {
      "fd_thres": 0.2,
      "testing": false
    },
    "software": "mriqc",
    "version": "21.0.0rc2",
    "webapi_port": null,
    "webapi_url": "https://mriqc.nimh.nih.gov/api/v1"
  },
  "size_t": 39,
  "size_x": 94,
  "size_y": 94,
  "size_z": 56,
  "snr": 1.4557280555199676,
  "spacing_tr": 4.0,
  "spacing_x": 2.042553186416626,
  "spacing_y": 2.042553186416626,
  "spacing_z": 2.5,
  "summary_bg_k": 70.40236734569751,
  "summary_bg_mad": 16.7267939700284,
  "summary_bg_mean": 97.40824890136719,
  "summary_bg_median": 48.256412506103516,
  "summary_bg_n": 261921.0,
  "summary_bg_p05": 34.28205108642578,
  "summary_bg_p95": 274.1282043457031,
  "summary_bg_stdv": 195.9640655517578,
  "summary_fg_k": 7.215558149902954,
  "summary_fg_mad": 233.56690390064108,
  "summary_fg_mean": 518.0172729492188,
  "summary_fg_median": 451.3077087402344,
  "summary_fg_n": 138896.0,
  "summary_fg_p05": 137.99359130859375,
  "summary_fg_p95": 1062.5704956054688,
  "summary_fg_stdv": 310.0208740234375,
  "tsnr": 34.5193820502609
}