{
  "aor": 0.008238620689655172,
  "aqi": 0.0037668793103448274,
  "bids_meta": {
    "AcquisitionMatrixPE": 94,
    "AcquisitionNumber": 1,
    "BandwidthPerPixelPhaseEncode": 32.733,
    "BaseResolution": 94,
    "BodyPartExamined": "HEAD",
    "ConsistencyInfo": "N4_VE11A_LATEST_20140830",
    "ConversionSoftware": "dcm2niix",
    "ConversionSoftwareVersion": "v1.0.20180622 (JP2:OpenJPEG) (JP-LS:CharLS) GCC5.5.0",
    "DerivedVendorReportedEchoSpacing": 0.000650004,
    "DwellTime": 3e-06,
    "EchoTime": 0.03,
    "EchoTrainLength": 47,
    "EffectiveEchoSpacing": 0.000325002,
    "FlipAngle": 90,
    "ImageOrientationPatientDICOM": [
      0.999835,
      0.0171152,
      -0.00615511,
      -0.0176267,
      0.995239,
      -0.0958566
    ],
    "ImageType": [
      "ORIGINAL",
      "PRIMARY",
      "M",
      "ND",
      "MOSAIC"
    ],
    "InPlanePhaseEncodingDirectionDICOM": "COL",
    "Instructions": "When the MRI starts, close your eyes and relax. Part of the time you will hear spoken words and part of the time you will heae silence. Keep your eyes closed the whole time.",
    "MRAcquisitionType": "2D",
    "MagneticFieldStrength": 3,
    "Manufacturer": "Siemens",
    "ManufacturersModelName": "Skyra",
    "Modality": "MR",
    "ParallelReductionFactorInPlane": 2,
    "PartialFourier": 1,
    "PatientPosition": "HFS",
    "PercentPhaseFOV": 100,
    "PhaseEncodingDirection": "j-",
    "PhaseEncodingSteps": 94,
    "PhaseResolution": 1,
    "PixelBandwidth": 1775,
    "ProcedureStepDescription": "MRIBRNWWO",
    "PulseSequenceDetails": "%SiemensSeq%_ep2d_pace",
    "ReceiveCoilActiveElements": "HEA;HEP",
    "ReceiveCoilName": "Head_32",
    "ReconMatrixPE": 94,
    "RepetitionTime": 4,
    "SAR": 0.102446,
    "ScanOptions": "FS",
    "ScanningSequence": "EP",
    "SequenceName": "_epfid2d1_94",
    "SequenceVariant": "SK",
    "ShimSetting": [
      3745,
      1343,
      -11993,
      815,
      -1139,
      -979,
      410,
      19
    ],
    "SliceThickness": 2,
    "SliceTiming": [
      0,
      2.03,
      0.08,
      2.1125,
      0.1625,
      2.1925,
      0.2425,
      2.275,
      0.325,
      2.355,
      0.405,
      2.4375,
      0.4875,
      2.5175,
      0.5675,
      2.6,
      0.65,
      2.68,
      0.73,
      2.76,
      0.8125,
      2.8425,
      0.8925,
      2.9225,
      0.975,
      3.005,
      1.055,
      3.085,
      1.1375,
      3.1675,
      1.2175,
      3.2475,
      1.3,
      3.33,
      1.38,
      3.41,
      1.4625,
      3.4925,
      1.5425,
      3.5725,
      1.625,
      3.655,
      1.705,
      3.735,
      1.7875,
      3.8175,
      1.8675,
      3.8975,
      1.95
    ],
    "SoftwareVersions": "syngo_MR_E11",
    "SpacingBetweenSlices": 2.5,
    "TaskName": "language",
    "TotalReadoutTime": 0.0302252,
    "TxRefAmp": 342.921,
    "dataset": "ds002675",
    "modality": "bold",
    "run_id": 1,
    "subject_id": "c14",
    "task_id": "language"
  },
  "dummy_trs": 10,
  "dvars_nstd": 42.68317713000001,
  "dvars_std": 1.124173777857143,
  "dvars_vstd": 1.088350790357143,
  "efc": 0.6320886014563182,
  "fber": 115.55350494384766,
  "fd_mean": 0.0708454616253533,
  "fd_num": 0,
  "fd_perc": 0.0,
  "fwhm_avg": 3.0096770952695837,
  "fwhm_x": 2.795486569442666,
  "fwhm_y": 3.2344127163660845,
  "fwhm_z": 2.9991320000000004,
  "gcor": 0.0142061,
  "gsr_x": -0.012481775134801865,
  "gsr_y": 0.11514750123023987,
  "provenance": {
    "md5sum": "8ca41b24c6b9fd4bb79d654a53981ed3",
    "settings": {
      "fd_thres": 0.2,
      "testing": false
    },
    "software": "mriqc",
    "version": "21.0.0rc2",
    "webapi_port": null,
    "webapi_url": "https://mriqc.nimh.nih.gov/api/v1"
  },
  "size_t": 29,
  "size_x": 94,
  "size_y": 94,
  "size_z": 49,
  "snr": 1.966520498987074,
  "spacing_tr": 4.0,
  "spacing_x": 2.042553186416626,
  "spacing_y": 2.042553186416626,
  "spacing_z": 2.5,
  "summary_bg_k": 15.589540973558115,
  "summary_bg_mad": 11.656319720179498,
  "summary_bg_mean": 75.12063598632812,
  "summary_bg_median": 40.68965530395508,
  "summary_bg_n": 234885.0,
  "summary_bg_p05": 31.620689392089844,
  "summary_bg_p95": 242.0689697265625,
  "summary_bg_stdv": 84.27764892578125,
  "summary_fg_k": 1.05834355705524,
  "summary_fg_mad": 205.82607169825044,
  "summary_fg_mean": 496.3329772949219,
  "summary_fg_median": 448.4137878417969,
  "summary_fg_n": 120287.0,
  "summary_fg_p05": 218.1724090576172,
  "summary_fg_p95": 941.5516967773438,
  "summary_fg_stdv": 228.02301025390625,
  "tsnr": 38.340429223375395
}