{
  "aor": 0.0056764102564102565,
  "aqi": 0.006077003333333332,
  "bids_meta": {
    "AcquisitionMatrixPE": 94,
    "AcquisitionNumber": 1,
    "BandwidthPerPixelPhaseEncode": 32.733,
    "BaseResolution": 94,
    "BodyPartExamined": "HEAD",
    "ConsistencyInfo": "N4_VE11A_LATEST_20140830",
    "ConversionSoftware": "dcm2niix",
    "ConversionSoftwareVersion": "v1.0.20180622 (JP2:OpenJPEG) (JP-LS:CharLS) GCC5.5.0",
    "DerivedVendorReportedEchoSpacing": 0.000650004,
    "DwellTime": 3e-06,
    "EchoTime": 0.03,
    "EchoTrainLength": 47,
    "EffectiveEchoSpacing": 0.000325002,
    "FlipAngle": 90,
    "ImageOrientationPatientDICOM": [
      0.999835,
      0.0171152,
      -0.00615511,
      -0.0176267,
      0.995239,
      -0.0958566
    ],
    "ImageType": [
      "ORIGINAL",
      "PRIMARY",
      "M",
      "ND",
      "MOSAIC"
    ],
    "InPlanePhaseEncodingDirectionDICOM": "COL",
    "Instructions": "When the MRI starts, close your eyes and relax. Part of the time you will hear spoken words and part of the time you will heae silence. Keep your eyes closed the whole time.",
    "MRAcquisitionType": "2D",
    "MagneticFieldStrength": 3,
    "Manufacturer": "Siemens",
    "ManufacturersModelName": "Skyra",
    "Modality": "MR",
    "ParallelReductionFactorInPlane": 2,
    "PartialFourier": 1,
    "PatientPosition": "HFS",
    "PercentPhaseFOV": 100,
    "PhaseEncodingDirection": "j-",
    "PhaseEncodingSteps": 94,
    "PhaseResolution": 1,
    "PixelBandwidth": 1775,
    "ProcedureStepDescription": "MRIBRNWWO",
    "PulseSequenceDetails": "%SiemensSeq%_ep2d_pace",
    "ReceiveCoilActiveElements": "HEA;HEP",
    "ReceiveCoilName": "Head_32",
    "ReconMatrixPE": 94,
    "RepetitionTime": 4,
    "SAR": 0.102446,
    "ScanOptions": "FS",
    "ScanningSequence": "EP",
    "SequenceName": "_epfid2d1_94",
    "SequenceVariant": "SK",
    "ShimSetting": [
      3745,
      1343,
      -11993,
      815,
      -1139,
      -979,
      410,
      19
    ],
    "SliceThickness": 2,
    "SliceTiming": [
      0,
      2.03,
      0.08,
      2.1125,
      0.1625,
      2.1925,
      0.2425,
      2.275,
      0.325,
      2.355,
      0.405,
      2.4375,
      0.4875,
      2.5175,
      0.5675,
      2.6,
      0.65,
      2.68,
      0.73,
      2.76,
      0.8125,
      2.8425,
      0.8925,
      2.9225,
      0.975,
      3.005,
      1.055,
      3.085,
      1.1375,
      3.1675,
      1.2175,
      3.2475,
      1.3,
      3.33,
      1.38,
      3.41,
      1.4625,
      3.4925,
      1.5425,
      3.5725,
      1.625,
      3.655,
      1.705,
      3.735,
      1.7875,
      3.8175,
      1.8675,
      3.8975,
      1.95
    ],
    "SoftwareVersions": "syngo_MR_E11",
    "SpacingBetweenSlices": 2.5,
    "TaskName": "language",
    "TotalReadoutTime": 0.0302252,
    "TxRefAmp": 342.921,
    "dataset": "ds002675",
    "modality": "bold",
    "run_id": 2,
    "session_id": "followup",
    "subject_id": "p08",
    "task_id": "language"
  },
  "dummy_trs": 0,
  "dvars_nstd": 48.515746467894736,
  "dvars_std": 1.115907233421053,
  "dvars_vstd": 1.0678027489473687,
  "efc": 0.6309866258263116,
  "fber": 104.7469253540039,
  "fd_mean": 0.18163192178079587,
  "fd_num": 10,
  "fd_perc": 25.641025641025642,
  "fwhm_avg": 2.652166648768363,
  "fwhm_x": 2.5511110480024195,
  "fwhm_y": 2.850647923746328,
  "fwhm_z": 2.5547409745563407,
  "gcor": 0.00364769,
  "gsr_x": -0.013235947117209435,
  "gsr_y": 0.08527278900146484,
  "provenance": {
    "md5sum": "87b622f2239071cbcb4d27afa3d51c50",
    "settings": {
      "fd_thres": 0.2,
      "testing": false
    },
    "software": "mriqc",
    "version": "21.0.0rc2",
    "webapi_port": null,
    "webapi_url": "https://mriqc.nimh.nih.gov/api/v1"
  },
  "size_t": 39,
  "size_x": 94,
  "size_y": 94,
  "size_z": 49,
  "snr": 2.3126945261647043,
  "spacing_tr": 4.0,
  "spacing_x": 2.042553186416626,
  "spacing_y": 2.042553186416626,
  "spacing_z": 2.4999990463256836,
  "summary_bg_k": 62.86459604601215,
  "summary_bg_mad": 6.348575612649872,
  "summary_bg_mean": 55.514198303222656,
  "summary_bg_median": 34.33333206176758,
  "summary_bg_n": 245414.0,
  "summary_bg_p05": 29.076923370361328,
  "summary_bg_p95": 149.82948837280213,
  "summary_bg_stdv": 69.87120056152344,
  "summary_fg_k": 2.362641855377154,
  "summary_fg_mad": 129.89876708640844,
  "summary_fg_mean": 383.0913391113281,
  "summary_fg_median": 355.6153869628906,
  "summary_fg_n": 114700.0,
  "summary_fg_p05": 190.20384216308597,
  "summary_fg_p95": 676.4397583007803,
  "summary_fg_stdv": 153.76602172851562,
  "tsnr": 33.64696422521956
}