{
  "aor": 0.0049484375,
  "aqi": 0.0057094415625,
  "bids_meta": {
    "AcquisitionMatrixPE": 94,
    "AcquisitionNumber": 1,
    "BandwidthPerPixelPhaseEncode": 32.733,
    "BaseResolution": 94,
    "BodyPartExamined": "HEAD",
    "ConsistencyInfo": "N4_VE11A_LATEST_20140830",
    "ConversionSoftware": "dcm2niix",
    "ConversionSoftwareVersion": "v1.0.20180622 (JP2:OpenJPEG) (JP-LS:CharLS) GCC5.5.0",
    "DerivedVendorReportedEchoSpacing": 0.000650004,
    "DwellTime": 3e-06,
    "EchoTime": 0.03,
    "EchoTrainLength": 47,
    "EffectiveEchoSpacing": 0.000325002,
    "FlipAngle": 90,
    "ImageOrientationPatientDICOM": [
      0.999835,
      0.0171152,
      -0.00615511,
      -0.0176267,
      0.995239,
      -0.0958566
    ],
    "ImageType": [
      "ORIGINAL",
      "PRIMARY",
      "M",
      "ND",
      "MOSAIC"
    ],
    "InPlanePhaseEncodingDirectionDICOM": "COL",
    "Instructions": "When the MRI starts, close your eyes and relax. Part of the time you will hear spoken words and part of the time you will heae silence. Keep your eyes closed the whole time.",
    "MRAcquisitionType": "2D",
    "MagneticFieldStrength": 3,
    "Manufacturer": "Siemens",
    "ManufacturersModelName": "Skyra",
    "Modality": "MR",
    "ParallelReductionFactorInPlane": 2,
    "PartialFourier": 1,
    "PatientPosition": "HFS",
    "PercentPhaseFOV": 100,
    "PhaseEncodingDirection": "j-",
    "PhaseEncodingSteps": 94,
    "PhaseResolution": 1,
    "PixelBandwidth": 1775,
    "ProcedureStepDescription": "MRIBRNWWO",
    "PulseSequenceDetails": "%SiemensSeq%_ep2d_pace",
    "ReceiveCoilActiveElements": "HEA;HEP",
    "ReceiveCoilName": "Head_32",
    "ReconMatrixPE": 94,
    "RepetitionTime": 4,
    "SAR": 0.102446,
    "ScanOptions": "FS",
    "ScanningSequence": "EP",
    "SequenceName": "_epfid2d1_94",
    "SequenceVariant": "SK",
    "ShimSetting": [
      3745,
      1343,
      -11993,
      815,
      -1139,
      -979,
      410,
      19
    ],
    "SliceThickness": 2,
    "SliceTiming": [
      0,
      2.03,
      0.08,
      2.1125,
      0.1625,
      2.1925,
      0.2425,
      2.275,
      0.325,
      2.355,
      0.405,
      2.4375,
      0.4875,
      2.5175,
      0.5675,
      2.6,
      0.65,
      2.68,
      0.73,
      2.76,
      0.8125,
      2.8425,
      0.8925,
      2.9225,
      0.975,
      3.005,
      1.055,
      3.085,
      1.1375,
      3.1675,
      1.2175,
      3.2475,
      1.3,
      3.33,
      1.38,
      3.41,
      1.4625,
      3.4925,
      1.5425,
      3.5725,
      1.625,
      3.655,
      1.705,
      3.735,
      1.7875,
      3.8175,
      1.8675,
      3.8975,
      1.95
    ],
    "SoftwareVersions": "syngo_MR_E11",
    "SpacingBetweenSlices": 2.5,
    "TaskName": "language",
    "TotalReadoutTime": 0.0302252,
    "TxRefAmp": 342.921,
    "dataset": "ds002675",
    "modality": "bold",
    "run_id": 2,
    "subject_id": "c09",
    "task_id": "language"
  },
  "dummy_trs": 7,
  "dvars_nstd": 53.574613510000006,
  "dvars_std": 1.1375120906451615,
  "dvars_vstd": 1.0135917393548386,
  "efc": 0.6383193693870353,
  "fber": 106.89192962646484,
  "fd_mean": 0.15110883571627318,
  "fd_num": 10,
  "fd_perc": 31.25,
  "fwhm_avg": 2.9692445050309773,
  "fwhm_x": 2.725730735936092,
  "fwhm_y": 3.351486779156841,
  "fwhm_z": 2.8305160000000003,
  "gcor": 0.00749015,
  "gsr_x": -0.0280461385846138,
  "gsr_y": 0.1218644231557846,
  "provenance": {
    "md5sum": "a5c6ee6a2eb9ec63c9ff59cd76a56b39",
    "settings": {
      "fd_thres": 0.2,
      "testing": false
    },
    "software": "mriqc",
    "version": "21.0.0rc2",
    "webapi_port": null,
    "webapi_url": "https://mriqc.nimh.nih.gov/api/v1"
  },
  "size_t": 32,
  "size_x": 94,
  "size_y": 94,
  "size_z": 49,
  "snr": 1.8351952526188955,
  "spacing_tr": 4.0,
  "spacing_x": 2.042553186416626,
  "spacing_y": 2.042553186416626,
  "spacing_z": 2.5,
  "summary_bg_k": 28.162052311234586,
  "summary_bg_mad": 11.536498512746714,
  "summary_bg_mean": 83.49969482421875,
  "summary_bg_median": 40.78125,
  "summary_bg_n": 225418.0,
  "summary_bg_p05": 31.875,
  "summary_bg_p95": 291.90625,
  "summary_bg_stdv": 112.48571014404297,
  "summary_fg_k": 2.4941270844624785,
  "summary_fg_mad": 195.19384833012816,
  "summary_fg_mean": 485.01708984375,
  "summary_fg_median": 435.6875,
  "summary_fg_n": 127159.0,
  "summary_fg_p05": 207.05937500000002,
  "summary_fg_p95": 950.5343749999997,
  "summary_fg_stdv": 237.4056854248047,
  "tsnr": 35.033086652401835
}