{
  "aor": 0.00502,
  "aqi": 0.006252636666666667,
  "bids_meta": {
    "AcquisitionMatrixPE": 94,
    "AcquisitionNumber": 1,
    "BandwidthPerPixelPhaseEncode": 32.733,
    "BaseResolution": 94,
    "BodyPartExamined": "HEAD",
    "ConsistencyInfo": "N4_VE11A_LATEST_20140830",
    "ConversionSoftware": "dcm2niix",
    "ConversionSoftwareVersion": "v1.0.20180622 (JP2:OpenJPEG) (JP-LS:CharLS) GCC5.5.0",
    "DerivedVendorReportedEchoSpacing": 0.000650004,
    "DwellTime": 3e-06,
    "EchoTime": 0.03,
    "EchoTrainLength": 47,
    "EffectiveEchoSpacing": 0.000325002,
    "FlipAngle": 90,
    "ImageOrientationPatientDICOM": [
      0.999835,
      0.0171152,
      -0.00615511,
      -0.0176267,
      0.995239,
      -0.0958566
    ],
    "ImageType": [
      "ORIGINAL",
      "PRIMARY",
      "M",
      "ND",
      "MOSAIC"
    ],
    "InPlanePhaseEncodingDirectionDICOM": "COL",
    "Instructions": "When the MRI starts, close your eyes and relax. Part of the time you will hear spoken words and part of the time you will heae silence. Keep your eyes closed the whole time.",
    "MRAcquisitionType": "2D",
    "MagneticFieldStrength": 3,
    "Manufacturer": "Siemens",
    "ManufacturersModelName": "Skyra",
    "Modality": "MR",
    "ParallelReductionFactorInPlane": 2,
    "PartialFourier": 1,
    "PatientPosition": "HFS",
    "PercentPhaseFOV": 100,
    "PhaseEncodingDirection": "j-",
    "PhaseEncodingSteps": 94,
    "PhaseResolution": 1,
    "PixelBandwidth": 1775,
    "ProcedureStepDescription": "MRIBRNWWO",
    "PulseSequenceDetails": "%SiemensSeq%_ep2d_pace",
    "ReceiveCoilActiveElements": "HEA;HEP",
    "ReceiveCoilName": "Head_32",
    "ReconMatrixPE": 94,
    "RepetitionTime": 4,
    "SAR": 0.102446,
    "ScanOptions": "FS",
    "ScanningSequence": "EP",
    "SequenceName": "_epfid2d1_94",
    "SequenceVariant": "SK",
    "ShimSetting": [
      3745,
      1343,
      -11993,
      815,
      -1139,
      -979,
      410,
      19
    ],
    "SliceThickness": 2,
    "SliceTiming": [
      0,
      2.03,
      0.08,
      2.1125,
      0.1625,
      2.1925,
      0.2425,
      2.275,
      0.325,
      2.355,
      0.405,
      2.4375,
      0.4875,
      2.5175,
      0.5675,
      2.6,
      0.65,
      2.68,
      0.73,
      2.76,
      0.8125,
      2.8425,
      0.8925,
      2.9225,
      0.975,
      3.005,
      1.055,
      3.085,
      1.1375,
      3.1675,
      1.2175,
      3.2475,
      1.3,
      3.33,
      1.38,
      3.41,
      1.4625,
      3.4925,
      1.5425,
      3.5725,
      1.625,
      3.655,
      1.705,
      3.735,
      1.7875,
      3.8175,
      1.8675,
      3.8975,
      1.95
    ],
    "SoftwareVersions": "syngo_MR_E11",
    "SpacingBetweenSlices": 2.5,
    "TaskName": "language",
    "TotalReadoutTime": 0.0302252,
    "TxRefAmp": 342.921,
    "dataset": "ds002675",
    "modality": "bold",
    "run_id": 1,
    "subject_id": "c07",
    "task_id": "language"
  },
  "dummy_trs": 0,
  "dvars_nstd": 49.07338132315789,
  "dvars_std": 1.146876526578948,
  "dvars_vstd": 1.061924017368421,
  "efc": 0.6133454099813618,
  "fber": 121.532470703125,
  "fd_mean": 0.15573208943671216,
  "fd_num": 8,
  "fd_perc": 20.512820512820515,
  "fwhm_avg": 3.075510651136194,
  "fwhm_x": 2.820411257004567,
  "fwhm_y": 3.374394383380399,
  "fwhm_z": 3.0317263130236154,
  "gcor": 0.00743961,
  "gsr_x": -0.00227855471894145,
  "gsr_y": 0.08504922688007355,
  "provenance": {
    "md5sum": "fb3ef9b326bbf0ee8b4bdeaca32f236b",
    "settings": {
      "fd_thres": 0.2,
      "testing": false
    },
    "software": "mriqc",
    "version": "21.0.0rc2",
    "webapi_port": null,
    "webapi_url": "https://mriqc.nimh.nih.gov/api/v1"
  },
  "size_t": 39,
  "size_x": 94,
  "size_y": 94,
  "size_z": 49,
  "snr": 2.0556199533086894,
  "spacing_tr": 4.0,
  "spacing_x": 2.042553186416626,
  "spacing_y": 2.042553186416626,
  "spacing_z": 2.499998092651367,
  "summary_bg_k": 27.044151266500293,
  "summary_bg_mad": 8.515455560631958,
  "summary_bg_mean": 66.84343719482422,
  "summary_bg_median": 38.0512809753418,
  "summary_bg_n": 248920.0,
  "summary_bg_p05": 30.923076629638672,
  "summary_bg_p95": 224.0012825012204,
  "summary_bg_stdv": 85.40152740478516,
  "summary_fg_k": 1.5451719868538927,
  "summary_fg_mad": 186.95994941868085,
  "summary_fg_mean": 463.2174987792969,
  "summary_fg_median": 425.7948913574219,
  "summary_fg_n": 110269.0,
  "summary_fg_p05": 197.92308044433594,
  "summary_fg_p95": 851.3128417968745,
  "summary_fg_stdv": 207.1360321044922,
  "tsnr": 34.07541495957412
}