{
  "aor": 0.01169897435897436,
  "aqi": 0.007813611282051281,
  "bids_meta": {
    "AcquisitionMatrixPE": 94,
    "AcquisitionNumber": 1,
    "BandwidthPerPixelPhaseEncode": 32.733,
    "BaseResolution": 94,
    "BodyPartExamined": "HEAD",
    "ConsistencyInfo": "N4_VE11A_LATEST_20140830",
    "ConversionSoftware": "dcm2niix",
    "ConversionSoftwareVersion": "v1.0.20180622 (JP2:OpenJPEG) (JP-LS:CharLS) GCC5.5.0",
    "DerivedVendorReportedEchoSpacing": 0.000650004,
    "DwellTime": 3e-06,
    "EchoTime": 0.03,
    "EchoTrainLength": 47,
    "EffectiveEchoSpacing": 0.000325002,
    "FlipAngle": 90,
    "ImageOrientationPatientDICOM": [
      0.999835,
      0.0171152,
      -0.00615511,
      -0.0176267,
      0.995239,
      -0.0958566
    ],
    "ImageType": [
      "ORIGINAL",
      "PRIMARY",
      "M",
      "ND",
      "MOSAIC"
    ],
    "InPlanePhaseEncodingDirectionDICOM": "COL",
    "Instructions": "When the MRI starts, close your eyes and relax. Part of the time you will hear spoken words and part of the time you will heae silence. Keep your eyes closed the whole time.",
    "MRAcquisitionType": "2D",
    "MagneticFieldStrength": 3,
    "Manufacturer": "Siemens",
    "ManufacturersModelName": "Skyra",
    "Modality": "MR",
    "ParallelReductionFactorInPlane": 2,
    "PartialFourier": 1,
    "PatientPosition": "HFS",
    "PercentPhaseFOV": 100,
    "PhaseEncodingDirection": "j-",
    "PhaseEncodingSteps": 94,
    "PhaseResolution": 1,
    "PixelBandwidth": 1775,
    "ProcedureStepDescription": "MRIBRNWWO",
    "PulseSequenceDetails": "%SiemensSeq%_ep2d_pace",
    "ReceiveCoilActiveElements": "HEA;HEP",
    "ReceiveCoilName": "Head_32",
    "ReconMatrixPE": 94,
    "RepetitionTime": 4,
    "SAR": 0.102446,
    "ScanOptions": "FS",
    "ScanningSequence": "EP",
    "SequenceName": "_epfid2d1_94",
    "SequenceVariant": "SK",
    "ShimSetting": [
      3745,
      1343,
      -11993,
      815,
      -1139,
      -979,
      410,
      19
    ],
    "SliceThickness": 2,
    "SliceTiming": [
      0,
      2.03,
      0.08,
      2.1125,
      0.1625,
      2.1925,
      0.2425,
      2.275,
      0.325,
      2.355,
      0.405,
      2.4375,
      0.4875,
      2.5175,
      0.5675,
      2.6,
      0.65,
      2.68,
      0.73,
      2.76,
      0.8125,
      2.8425,
      0.8925,
      2.9225,
      0.975,
      3.005,
      1.055,
      3.085,
      1.1375,
      3.1675,
      1.2175,
      3.2475,
      1.3,
      3.33,
      1.38,
      3.41,
      1.4625,
      3.4925,
      1.5425,
      3.5725,
      1.625,
      3.655,
      1.705,
      3.735,
      1.7875,
      3.8175,
      1.8675,
      3.8975,
      1.95
    ],
    "SoftwareVersions": "syngo_MR_E11",
    "SpacingBetweenSlices": 2.5,
    "TaskName": "language",
    "TotalReadoutTime": 0.0302252,
    "TxRefAmp": 342.921,
    "dataset": "ds002675",
    "modality": "bold",
    "run_id": 1,
    "session_id": "followup",
    "subject_id": "p05",
    "task_id": "language"
  },
  "dummy_trs": 0,
  "dvars_nstd": 52.620267968684196,
  "dvars_std": 1.2079029639473684,
  "dvars_vstd": 1.1164497973684206,
  "efc": 0.6197749257608778,
  "fber": 123.92030334472656,
  "fd_mean": 0.2209624876123646,
  "fd_num": 8,
  "fd_perc": 20.512820512820515,
  "fwhm_avg": 2.581481682656232,
  "fwhm_x": 2.4189480268408556,
  "fwhm_y": 2.80015229862092,
  "fwhm_z": 2.5253447225069205,
  "gcor": 0.0074948,
  "gsr_x": 0.002338167279958725,
  "gsr_y": 0.059537123888731,
  "provenance": {
    "md5sum": "9b475f139f53f086321653174fd46119",
    "settings": {
      "fd_thres": 0.2,
      "testing": false
    },
    "software": "mriqc",
    "version": "21.0.0rc2",
    "webapi_port": null,
    "webapi_url": "https://mriqc.nimh.nih.gov/api/v1"
  },
  "size_t": 39,
  "size_x": 94,
  "size_y": 94,
  "size_z": 49,
  "snr": 2.390595717896715,
  "spacing_tr": 4.0,
  "spacing_x": 2.042553186416626,
  "spacing_y": 2.042553186416626,
  "spacing_z": 2.4999992847442627,
  "summary_bg_k": 69.36836740569701,
  "summary_bg_mad": 6.956824054317477,
  "summary_bg_mean": 53.214717864990234,
  "summary_bg_median": 34.38461685180664,
  "summary_bg_n": 245637.0,
  "summary_bg_p05": 28.41025733947754,
  "summary_bg_p95": 138.23077392578125,
  "summary_bg_stdv": 66.3387222290039,
  "summary_fg_k": 1.0056225433323123,
  "summary_fg_mad": 145.37102973432198,
  "summary_fg_mean": 416.0641174316406,
  "summary_fg_median": 387.71795654296875,
  "summary_fg_n": 113181.0,
  "summary_fg_p05": 207.2820587158203,
  "summary_fg_p95": 725.0,
  "summary_fg_stdv": 162.18394470214844,
  "tsnr": 32.50699344556779
}