{
  "aor": 0.01676358974358974,
  "aqi": 0.030948630769230778,
  "bids_meta": {
    "AcquisitionMatrixPE": 94,
    "AcquisitionNumber": 1,
    "BandwidthPerPixelPhaseEncode": 32.733,
    "BaseResolution": 94,
    "BodyPartExamined": "HEAD",
    "ConsistencyInfo": "N4_VE11A_LATEST_20140830",
    "ConversionSoftware": "dcm2niix",
    "ConversionSoftwareVersion": "v1.0.20180622 (JP2:OpenJPEG) (JP-LS:CharLS) GCC5.5.0",
    "DerivedVendorReportedEchoSpacing": 0.000650004,
    "DwellTime": 3e-06,
    "EchoTime": 0.03,
    "EchoTrainLength": 47,
    "EffectiveEchoSpacing": 0.000325002,
    "FlipAngle": 90,
    "ImageOrientationPatientDICOM": [
      0.999835,
      0.0171152,
      -0.00615511,
      -0.0176267,
      0.995239,
      -0.0958566
    ],
    "ImageType": [
      "ORIGINAL",
      "PRIMARY",
      "M",
      "ND",
      "MOSAIC"
    ],
    "InPlanePhaseEncodingDirectionDICOM": "COL",
    "Instructions": "When the MRI starts, close your eyes and relax. Part of the time you will hear spoken words and part of the time you will heae silence. Keep your eyes closed the whole time.",
    "MRAcquisitionType": "2D",
    "MagneticFieldStrength": 3,
    "Manufacturer": "Siemens",
    "ManufacturersModelName": "Skyra",
    "Modality": "MR",
    "ParallelReductionFactorInPlane": 2,
    "PartialFourier": 1,
    "PatientPosition": "HFS",
    "PercentPhaseFOV": 100,
    "PhaseEncodingDirection": "j-",
    "PhaseEncodingSteps": 94,
    "PhaseResolution": 1,
    "PixelBandwidth": 1775,
    "ProcedureStepDescription": "MRIBRNWWO",
    "PulseSequenceDetails": "%SiemensSeq%_ep2d_pace",
    "ReceiveCoilActiveElements": "HEA;HEP",
    "ReceiveCoilName": "Head_32",
    "ReconMatrixPE": 94,
    "RepetitionTime": 4,
    "SAR": 0.102446,
    "ScanOptions": "FS",
    "ScanningSequence": "EP",
    "SequenceName": "_epfid2d1_94",
    "SequenceVariant": "SK",
    "ShimSetting": [
      3745,
      1343,
      -11993,
      815,
      -1139,
      -979,
      410,
      19
    ],
    "SliceThickness": 2,
    "SliceTiming": [
      0,
      2.03,
      0.08,
      2.1125,
      0.1625,
      2.1925,
      0.2425,
      2.275,
      0.325,
      2.355,
      0.405,
      2.4375,
      0.4875,
      2.5175,
      0.5675,
      2.6,
      0.65,
      2.68,
      0.73,
      2.76,
      0.8125,
      2.8425,
      0.8925,
      2.9225,
      0.975,
      3.005,
      1.055,
      3.085,
      1.1375,
      3.1675,
      1.2175,
      3.2475,
      1.3,
      3.33,
      1.38,
      3.41,
      1.4625,
      3.4925,
      1.5425,
      3.5725,
      1.625,
      3.655,
      1.705,
      3.735,
      1.7875,
      3.8175,
      1.8675,
      3.8975,
      1.95
    ],
    "SoftwareVersions": "syngo_MR_E11",
    "SpacingBetweenSlices": 2.5,
    "TaskName": "language",
    "TotalReadoutTime": 0.0302252,
    "TxRefAmp": 342.921,
    "dataset": "ds002675",
    "modality": "bold",
    "run_id": 1,
    "session_id": "acute",
    "subject_id": "p08",
    "task_id": "language"
  },
  "dummy_trs": 0,
  "dvars_nstd": 146.83743828236845,
  "dvars_std": 1.4187411773684209,
  "dvars_vstd": 1.156369000263158,
  "efc": 0.6214913272778793,
  "fber": 42.50823974609375,
  "fd_mean": 0.8424049485765719,
  "fd_num": 36,
  "fd_perc": 92.3076923076923,
  "fwhm_avg": 3.002305415494338,
  "fwhm_x": 2.5516300063370414,
  "fwhm_y": 3.5913875089193077,
  "fwhm_z": 2.863898731226665,
  "gcor": 0.003664,
  "gsr_x": 0.00019200003589503467,
  "gsr_y": 0.09026559442281723,
  "provenance": {
    "md5sum": "a59e68d10ce557c3f1e56a5323af7fd8",
    "settings": {
      "fd_thres": 0.2,
      "testing": false
    },
    "software": "mriqc",
    "version": "21.0.0rc2",
    "webapi_port": null,
    "webapi_url": "https://mriqc.nimh.nih.gov/api/v1"
  },
  "size_t": 39,
  "size_x": 94,
  "size_y": 94,
  "size_z": 49,
  "snr": 1.1710080506659433,
  "spacing_tr": 4.0,
  "spacing_x": 2.042553186416626,
  "spacing_y": 2.042553186416626,
  "spacing_z": 2.499997615814209,
  "summary_bg_k": 56.85358463640425,
  "summary_bg_mad": 19.73001587878336,
  "summary_bg_mean": 93.04811096191406,
  "summary_bg_median": 53.897438049316406,
  "summary_bg_n": 210129.0,
  "summary_bg_p05": 37.17948913574219,
  "summary_bg_p95": 285.5128173828125,
  "summary_bg_stdv": 124.13939666748047,
  "summary_fg_k": 10.057516727180992,
  "summary_fg_mad": 176.16357563403213,
  "summary_fg_mean": 454.34906005859375,
  "summary_fg_median": 369.3589782714844,
  "summary_fg_n": 132861.0,
  "summary_fg_p05": 159.64102172851562,
  "summary_fg_p95": 1030.6409912109375,
  "summary_fg_stdv": 315.4184875488281,
  "tsnr": 17.00480481435079
}