{
  "aor": 0.054751794871794886,
  "aqi": 0.03859264102564102,
  "bids_meta": {
    "AcquisitionMatrixPE": 94,
    "AcquisitionNumber": 1,
    "BandwidthPerPixelPhaseEncode": 32.733,
    "BaseResolution": 94,
    "BodyPartExamined": "HEAD",
    "ConsistencyInfo": "N4_VE11A_LATEST_20140830",
    "ConversionSoftware": "dcm2niix",
    "ConversionSoftwareVersion": "v1.0.20180622 (JP2:OpenJPEG) (JP-LS:CharLS) GCC5.5.0",
    "DerivedVendorReportedEchoSpacing": 0.000650004,
    "DwellTime": 3e-06,
    "EchoTime": 0.03,
    "EchoTrainLength": 47,
    "EffectiveEchoSpacing": 0.000325002,
    "FlipAngle": 90,
    "ImageOrientationPatientDICOM": [
      0.999835,
      0.0171152,
      -0.00615511,
      -0.0176267,
      0.995239,
      -0.0958566
    ],
    "ImageType": [
      "ORIGINAL",
      "PRIMARY",
      "M",
      "ND",
      "MOSAIC"
    ],
    "InPlanePhaseEncodingDirectionDICOM": "COL",
    "Instructions": "When the MRI starts, close your eyes and relax. Part of the time you will hear spoken words and part of the time you will heae silence. Keep your eyes closed the whole time.",
    "MRAcquisitionType": "2D",
    "MagneticFieldStrength": 3,
    "Manufacturer": "Siemens",
    "ManufacturersModelName": "Skyra",
    "Modality": "MR",
    "ParallelReductionFactorInPlane": 2,
    "PartialFourier": 1,
    "PatientPosition": "HFS",
    "PercentPhaseFOV": 100,
    "PhaseEncodingDirection": "j-",
    "PhaseEncodingSteps": 94,
    "PhaseResolution": 1,
    "PixelBandwidth": 1775,
    "ProcedureStepDescription": "MRIBRNWWO",
    "PulseSequenceDetails": "%SiemensSeq%_ep2d_pace",
    "ReceiveCoilActiveElements": "HEA;HEP",
    "ReceiveCoilName": "Head_32",
    "ReconMatrixPE": 94,
    "RepetitionTime": 4,
    "SAR": 0.102446,
    "ScanOptions": "FS",
    "ScanningSequence": "EP",
    "SequenceName": "_epfid2d1_94",
    "SequenceVariant": "SK",
    "ShimSetting": [
      3745,
      1343,
      -11993,
      815,
      -1139,
      -979,
      410,
      19
    ],
    "SliceThickness": 2,
    "SliceTiming": [
      0,
      2.03,
      0.08,
      2.1125,
      0.1625,
      2.1925,
      0.2425,
      2.275,
      0.325,
      2.355,
      0.405,
      2.4375,
      0.4875,
      2.5175,
      0.5675,
      2.6,
      0.65,
      2.68,
      0.73,
      2.76,
      0.8125,
      2.8425,
      0.8925,
      2.9225,
      0.975,
      3.005,
      1.055,
      3.085,
      1.1375,
      3.1675,
      1.2175,
      3.2475,
      1.3,
      3.33,
      1.38,
      3.41,
      1.4625,
      3.4925,
      1.5425,
      3.5725,
      1.625,
      3.655,
      1.705,
      3.735,
      1.7875,
      3.8175,
      1.8675,
      3.8975,
      1.95
    ],
    "SoftwareVersions": "syngo_MR_E11",
    "SpacingBetweenSlices": 2.5,
    "TaskName": "language",
    "TotalReadoutTime": 0.0302252,
    "TxRefAmp": 342.921,
    "dataset": "ds002675",
    "modality": "bold",
    "run_id": 1,
    "session_id": "acute",
    "subject_id": "p04",
    "task_id": "language"
  },
  "dummy_trs": 0,
  "dvars_nstd": 143.19601370236845,
  "dvars_std": 1.821568809210526,
  "dvars_vstd": 1.5782140994736844,
  "efc": 0.651171082268091,
  "fber": 99.19163513183594,
  "fd_mean": 1.562490653905123,
  "fd_num": 32,
  "fd_perc": 82.05128205128206,
  "fwhm_avg": 2.9291160478893197,
  "fwhm_x": 2.8043992775509796,
  "fwhm_y": 3.198220849702361,
  "fwhm_z": 2.784728016414619,
  "gcor": 0.0428105,
  "gsr_x": -0.006248794496059418,
  "gsr_y": 0.07195470482110977,
  "provenance": {
    "md5sum": "efd9cb2bf5b3a883bf5ddf30a669d0ca",
    "settings": {
      "fd_thres": 0.2,
      "testing": false
    },
    "software": "mriqc",
    "version": "21.0.0rc2",
    "webapi_port": null,
    "webapi_url": "https://mriqc.nimh.nih.gov/api/v1"
  },
  "size_t": 39,
  "size_x": 94,
  "size_y": 94,
  "size_z": 49,
  "snr": 2.1801428172994415,
  "spacing_tr": 4.0,
  "spacing_x": 2.0425515174865723,
  "spacing_y": 2.0425543785095215,
  "spacing_z": 2.5000035762786865,
  "summary_bg_k": 19.819647459662455,
  "summary_bg_mad": 11.89882956410994,
  "summary_bg_mean": 72.60917663574219,
  "summary_bg_median": 42.410255432128906,
  "summary_bg_n": 232464.0,
  "summary_bg_p05": 32.9487190246582,
  "summary_bg_p95": 231.4871826171875,
  "summary_bg_stdv": 80.82923889160156,
  "summary_fg_k": 0.4243940955923806,
  "summary_fg_mad": 192.96637061347627,
  "summary_fg_mean": 473.2485046386719,
  "summary_fg_median": 433.6410217285156,
  "summary_fg_n": 126552.0,
  "summary_fg_p05": 222.1794891357422,
  "summary_fg_p95": 851.2935791015624,
  "summary_fg_stdv": 198.90408325195312,
  "tsnr": 15.018920804955997
}