{
  "aor": 0.00956974358974359,
  "aqi": 0.005027956666666667,
  "bids_meta": {
    "AcquisitionMatrixPE": 94,
    "AcquisitionNumber": 1,
    "BandwidthPerPixelPhaseEncode": 32.733,
    "BaseResolution": 94,
    "BodyPartExamined": "HEAD",
    "ConsistencyInfo": "N4_VE11A_LATEST_20140830",
    "ConversionSoftware": "dcm2niix",
    "ConversionSoftwareVersion": "v1.0.20180622 (JP2:OpenJPEG) (JP-LS:CharLS) GCC5.5.0",
    "DerivedVendorReportedEchoSpacing": 0.000650004,
    "DwellTime": 3e-06,
    "EchoTime": 0.03,
    "EchoTrainLength": 47,
    "EffectiveEchoSpacing": 0.000325002,
    "FlipAngle": 90,
    "ImageOrientationPatientDICOM": [
      0.999835,
      0.0171152,
      -0.00615511,
      -0.0176267,
      0.995239,
      -0.0958566
    ],
    "ImageType": [
      "ORIGINAL",
      "PRIMARY",
      "M",
      "ND",
      "MOSAIC"
    ],
    "InPlanePhaseEncodingDirectionDICOM": "COL",
    "Instructions": "When the MRI starts, close your eyes and relax. Part of the time you will hear spoken words and part of the time you will heae silence. Keep your eyes closed the whole time.",
    "MRAcquisitionType": "2D",
    "MagneticFieldStrength": 3,
    "Manufacturer": "Siemens",
    "ManufacturersModelName": "Skyra",
    "Modality": "MR",
    "ParallelReductionFactorInPlane": 2,
    "PartialFourier": 1,
    "PatientPosition": "HFS",
    "PercentPhaseFOV": 100,
    "PhaseEncodingDirection": "j-",
    "PhaseEncodingSteps": 94,
    "PhaseResolution": 1,
    "PixelBandwidth": 1775,
    "ProcedureStepDescription": "MRIBRNWWO",
    "PulseSequenceDetails": "%SiemensSeq%_ep2d_pace",
    "ReceiveCoilActiveElements": "HEA;HEP",
    "ReceiveCoilName": "Head_32",
    "ReconMatrixPE": 94,
    "RepetitionTime": 4,
    "SAR": 0.102446,
    "ScanOptions": "FS",
    "ScanningSequence": "EP",
    "SequenceName": "_epfid2d1_94",
    "SequenceVariant": "SK",
    "ShimSetting": [
      3745,
      1343,
      -11993,
      815,
      -1139,
      -979,
      410,
      19
    ],
    "SliceThickness": 2,
    "SliceTiming": [
      0,
      2.03,
      0.08,
      2.1125,
      0.1625,
      2.1925,
      0.2425,
      2.275,
      0.325,
      2.355,
      0.405,
      2.4375,
      0.4875,
      2.5175,
      0.5675,
      2.6,
      0.65,
      2.68,
      0.73,
      2.76,
      0.8125,
      2.8425,
      0.8925,
      2.9225,
      0.975,
      3.005,
      1.055,
      3.085,
      1.1375,
      3.1675,
      1.2175,
      3.2475,
      1.3,
      3.33,
      1.38,
      3.41,
      1.4625,
      3.4925,
      1.5425,
      3.5725,
      1.625,
      3.655,
      1.705,
      3.735,
      1.7875,
      3.8175,
      1.8675,
      3.8975,
      1.95
    ],
    "SoftwareVersions": "syngo_MR_E11",
    "SpacingBetweenSlices": 2.5,
    "TaskName": "language",
    "TotalReadoutTime": 0.0302252,
    "TxRefAmp": 342.921,
    "dataset": "ds002675",
    "modality": "bold",
    "run_id": 2,
    "session_id": "acute",
    "subject_id": "p06",
    "task_id": "language"
  },
  "dummy_trs": 0,
  "dvars_nstd": 44.524880660000015,
  "dvars_std": 1.1753230944736843,
  "dvars_vstd": 1.1093451413157895,
  "efc": 0.6155430145753172,
  "fber": 147.00172424316406,
  "fd_mean": 0.1873573731825339,
  "fd_num": 5,
  "fd_perc": 12.820512820512821,
  "fwhm_avg": 2.8310635120191425,
  "fwhm_x": 2.6577765691006596,
  "fwhm_y": 3.086288918248787,
  "fwhm_z": 2.7491250487079806,
  "gcor": 0.00645426,
  "gsr_x": -0.018513696268200874,
  "gsr_y": 0.07880216091871262,
  "provenance": {
    "md5sum": "ae9b959f610bb02535d3d1393430b41e",
    "settings": {
      "fd_thres": 0.2,
      "testing": false
    },
    "software": "mriqc",
    "version": "21.0.0rc2",
    "webapi_port": null,
    "webapi_url": "https://mriqc.nimh.nih.gov/api/v1"
  },
  "size_t": 39,
  "size_x": 94,
  "size_y": 94,
  "size_z": 49,
  "snr": 2.3803321337347643,
  "spacing_tr": 4.0,
  "spacing_x": 2.042553186416626,
  "spacing_y": 2.042553424835205,
  "spacing_z": 2.4999990463256836,
  "summary_bg_k": 86.72846535136226,
  "summary_bg_mad": 5.360175076259242,
  "summary_bg_mean": 52.19833755493164,
  "summary_bg_median": 33.410255432128906,
  "summary_bg_n": 241887.0,
  "summary_bg_p05": 28.923076629638672,
  "summary_bg_p95": 131.6923065185547,
  "summary_bg_stdv": 71.5397720336914,
  "summary_fg_k": 1.0612319939870778,
  "summary_fg_mad": 161.45161717556462,
  "summary_fg_mean": 438.7420654296875,
  "summary_fg_median": 408.5641174316406,
  "summary_fg_n": 117933.0,
  "summary_fg_p05": 214.4871826171875,
  "summary_fg_p95": 755.2307739257812,
  "summary_fg_stdv": 171.6409149169922,
  "tsnr": 36.884671659208834
}