{
  "aor": 0.003746666666666666,
  "aqi": 0.004899182564102564,
  "bids_meta": {
    "AcquisitionMatrixPE": 94,
    "AcquisitionNumber": 1,
    "BandwidthPerPixelPhaseEncode": 32.733,
    "BaseResolution": 94,
    "BodyPartExamined": "HEAD",
    "ConsistencyInfo": "N4_VE11A_LATEST_20140830",
    "ConversionSoftware": "dcm2niix",
    "ConversionSoftwareVersion": "v1.0.20180622 (JP2:OpenJPEG) (JP-LS:CharLS) GCC5.5.0",
    "DerivedVendorReportedEchoSpacing": 0.000650004,
    "DwellTime": 3e-06,
    "EchoTime": 0.03,
    "EchoTrainLength": 47,
    "EffectiveEchoSpacing": 0.000325002,
    "FlipAngle": 90,
    "ImageOrientationPatientDICOM": [
      0.999835,
      0.0171152,
      -0.00615511,
      -0.0176267,
      0.995239,
      -0.0958566
    ],
    "ImageType": [
      "ORIGINAL",
      "PRIMARY",
      "M",
      "ND",
      "MOSAIC"
    ],
    "InPlanePhaseEncodingDirectionDICOM": "COL",
    "Instructions": "When the MRI starts, close your eyes and relax. Part of the time you will hear spoken words and part of the time you will heae silence. Keep your eyes closed the whole time.",
    "MRAcquisitionType": "2D",
    "MagneticFieldStrength": 3,
    "Manufacturer": "Siemens",
    "ManufacturersModelName": "Skyra",
    "Modality": "MR",
    "ParallelReductionFactorInPlane": 2,
    "PartialFourier": 1,
    "PatientPosition": "HFS",
    "PercentPhaseFOV": 100,
    "PhaseEncodingDirection": "j-",
    "PhaseEncodingSteps": 94,
    "PhaseResolution": 1,
    "PixelBandwidth": 1775,
    "ProcedureStepDescription": "MRIBRNWWO",
    "PulseSequenceDetails": "%SiemensSeq%_ep2d_pace",
    "ReceiveCoilActiveElements": "HEA;HEP",
    "ReceiveCoilName": "Head_32",
    "ReconMatrixPE": 94,
    "RepetitionTime": 4,
    "SAR": 0.102446,
    "ScanOptions": "FS",
    "ScanningSequence": "EP",
    "SequenceName": "_epfid2d1_94",
    "SequenceVariant": "SK",
    "ShimSetting": [
      3745,
      1343,
      -11993,
      815,
      -1139,
      -979,
      410,
      19
    ],
    "SliceThickness": 2,
    "SliceTiming": [
      0,
      2.03,
      0.08,
      2.1125,
      0.1625,
      2.1925,
      0.2425,
      2.275,
      0.325,
      2.355,
      0.405,
      2.4375,
      0.4875,
      2.5175,
      0.5675,
      2.6,
      0.65,
      2.68,
      0.73,
      2.76,
      0.8125,
      2.8425,
      0.8925,
      2.9225,
      0.975,
      3.005,
      1.055,
      3.085,
      1.1375,
      3.1675,
      1.2175,
      3.2475,
      1.3,
      3.33,
      1.38,
      3.41,
      1.4625,
      3.4925,
      1.5425,
      3.5725,
      1.625,
      3.655,
      1.705,
      3.735,
      1.7875,
      3.8175,
      1.8675,
      3.8975,
      1.95
    ],
    "SoftwareVersions": "syngo_MR_E11",
    "SpacingBetweenSlices": 2.5,
    "TaskName": "language",
    "TotalReadoutTime": 0.0302252,
    "TxRefAmp": 342.921,
    "dataset": "ds002675",
    "modality": "bold",
    "run_id": 2,
    "subject_id": "c06",
    "task_id": "language"
  },
  "dummy_trs": 0,
  "dvars_nstd": 43.42120110368421,
  "dvars_std": 1.096627912894737,
  "dvars_vstd": 1.0501846484210526,
  "efc": 0.6411159048544572,
  "fber": 109.70339965820312,
  "fd_mean": 0.06609148991820439,
  "fd_num": 1,
  "fd_perc": 2.5641025641025643,
  "fwhm_avg": 2.932799419806017,
  "fwhm_x": 2.615774909501359,
  "fwhm_y": 3.236816192718881,
  "fwhm_z": 2.945807157197812,
  "gcor": 0.00473714,
  "gsr_x": 0.02688242681324482,
  "gsr_y": 0.055652108043432236,
  "provenance": {
    "md5sum": "a2803d8c33b2440e5a9fa1b9e3228b5f",
    "settings": {
      "fd_thres": 0.2,
      "testing": false
    },
    "software": "mriqc",
    "version": "21.0.0rc2",
    "webapi_port": null,
    "webapi_url": "https://mriqc.nimh.nih.gov/api/v1"
  },
  "size_t": 39,
  "size_x": 94,
  "size_y": 94,
  "size_z": 49,
  "snr": 2.0060260859843306,
  "spacing_tr": 4.0,
  "spacing_x": 2.042553424835205,
  "spacing_y": 2.042553424835205,
  "spacing_z": 2.5000007152557373,
  "summary_bg_k": 18.38029655244027,
  "summary_bg_mad": 11.746770988492182,
  "summary_bg_mean": 81.91046905517578,
  "summary_bg_median": 41.9487190246582,
  "summary_bg_n": 229411.0,
  "summary_bg_p05": 31.666667938232422,
  "summary_bg_p95": 301.1025695800781,
  "summary_bg_stdv": 111.52100372314453,
  "summary_fg_k": 0.96752701454818,
  "summary_fg_mad": 199.92321729050826,
  "summary_fg_mean": 497.0828552246094,
  "summary_fg_median": 449.3333435058594,
  "summary_fg_n": 124487.0,
  "summary_fg_p05": 223.05128479003906,
  "summary_fg_p95": 933.6923217773438,
  "summary_fg_stdv": 223.99087524414062,
  "tsnr": 37.101864360040054
}