{
  "aor": 0.005588974358974358,
  "aqi": 0.006006278461538461,
  "bids_meta": {
    "AcquisitionMatrixPE": 94,
    "AcquisitionNumber": 1,
    "BandwidthPerPixelPhaseEncode": 32.733,
    "BaseResolution": 94,
    "BodyPartExamined": "HEAD",
    "ConsistencyInfo": "N4_VE11A_LATEST_20140830",
    "ConversionSoftware": "dcm2niix",
    "ConversionSoftwareVersion": "v1.0.20180622 (JP2:OpenJPEG) (JP-LS:CharLS) GCC5.5.0",
    "DerivedVendorReportedEchoSpacing": 0.000650004,
    "DwellTime": 3e-06,
    "EchoTime": 0.03,
    "EchoTrainLength": 47,
    "EffectiveEchoSpacing": 0.000325002,
    "FlipAngle": 90,
    "ImageOrientationPatientDICOM": [
      0.999835,
      0.0171152,
      -0.00615511,
      -0.0176267,
      0.995239,
      -0.0958566
    ],
    "ImageType": [
      "ORIGINAL",
      "PRIMARY",
      "M",
      "ND",
      "MOSAIC"
    ],
    "InPlanePhaseEncodingDirectionDICOM": "COL",
    "Instructions": "When the MRI starts, close your eyes and relax. Part of the time you will hear spoken words and part of the time you will heae silence. Keep your eyes closed the whole time.",
    "MRAcquisitionType": "2D",
    "MagneticFieldStrength": 3,
    "Manufacturer": "Siemens",
    "ManufacturersModelName": "Skyra",
    "Modality": "MR",
    "ParallelReductionFactorInPlane": 2,
    "PartialFourier": 1,
    "PatientPosition": "HFS",
    "PercentPhaseFOV": 100,
    "PhaseEncodingDirection": "j-",
    "PhaseEncodingSteps": 94,
    "PhaseResolution": 1,
    "PixelBandwidth": 1775,
    "ProcedureStepDescription": "MRIBRNWWO",
    "PulseSequenceDetails": "%SiemensSeq%_ep2d_pace",
    "ReceiveCoilActiveElements": "HEA;HEP",
    "ReceiveCoilName": "Head_32",
    "ReconMatrixPE": 94,
    "RepetitionTime": 4,
    "SAR": 0.102446,
    "ScanOptions": "FS",
    "ScanningSequence": "EP",
    "SequenceName": "_epfid2d1_94",
    "SequenceVariant": "SK",
    "ShimSetting": [
      3745,
      1343,
      -11993,
      815,
      -1139,
      -979,
      410,
      19
    ],
    "SliceThickness": 2,
    "SliceTiming": [
      0,
      2.03,
      0.08,
      2.1125,
      0.1625,
      2.1925,
      0.2425,
      2.275,
      0.325,
      2.355,
      0.405,
      2.4375,
      0.4875,
      2.5175,
      0.5675,
      2.6,
      0.65,
      2.68,
      0.73,
      2.76,
      0.8125,
      2.8425,
      0.8925,
      2.9225,
      0.975,
      3.005,
      1.055,
      3.085,
      1.1375,
      3.1675,
      1.2175,
      3.2475,
      1.3,
      3.33,
      1.38,
      3.41,
      1.4625,
      3.4925,
      1.5425,
      3.5725,
      1.625,
      3.655,
      1.705,
      3.735,
      1.7875,
      3.8175,
      1.8675,
      3.8975,
      1.95
    ],
    "SoftwareVersions": "syngo_MR_E11",
    "SpacingBetweenSlices": 2.5,
    "TaskName": "language",
    "TotalReadoutTime": 0.0302252,
    "TxRefAmp": 342.921,
    "dataset": "ds002675",
    "modality": "bold",
    "run_id": 1,
    "subject_id": "c06",
    "task_id": "language"
  },
  "dummy_trs": 0,
  "dvars_nstd": 44.27853815184212,
  "dvars_std": 1.1052151681578948,
  "dvars_vstd": 1.0647019739473682,
  "efc": 0.6413284324016338,
  "fber": 109.69339752197266,
  "fd_mean": 0.10712773278906275,
  "fd_num": 4,
  "fd_perc": 10.256410256410257,
  "fwhm_avg": 2.9369683926896495,
  "fwhm_x": 2.602693244329171,
  "fwhm_y": 3.2444002163908885,
  "fwhm_z": 2.963811717348889,
  "gcor": 0.00697961,
  "gsr_x": 0.02656392753124237,
  "gsr_y": 0.05592571571469307,
  "provenance": {
    "md5sum": "e44ed600f4ee4f30c93e2c6ee4bf67db",
    "settings": {
      "fd_thres": 0.2,
      "testing": false
    },
    "software": "mriqc",
    "version": "21.0.0rc2",
    "webapi_port": null,
    "webapi_url": "https://mriqc.nimh.nih.gov/api/v1"
  },
  "size_t": 39,
  "size_x": 94,
  "size_y": 94,
  "size_z": 49,
  "snr": 2.028230217520659,
  "spacing_tr": 4.0,
  "spacing_x": 2.042553424835205,
  "spacing_y": 2.042553186416626,
  "spacing_z": 2.500000238418579,
  "summary_bg_k": 18.650470133963076,
  "summary_bg_mad": 11.784788460235937,
  "summary_bg_mean": 82.04446411132812,
  "summary_bg_median": 42.17948913574219,
  "summary_bg_n": 229463.0,
  "summary_bg_p05": 31.923076629638672,
  "summary_bg_p95": 299.48461914062483,
  "summary_bg_stdv": 111.20733642578125,
  "summary_fg_k": 0.9295589251863987,
  "summary_fg_mad": 199.80919880934877,
  "summary_fg_mean": 500.77557373046875,
  "summary_fg_median": 453.3589782714844,
  "summary_fg_n": 123648.0,
  "summary_fg_p05": 227.33334350585938,
  "summary_fg_p95": 935.6743774414059,
  "summary_fg_stdv": 223.5235137939453,
  "tsnr": 34.06017527380027
}